PATH
  remote: /Users/luca/projects/adhearsion
  specs:
    adhearsion (2.0.1)
      activesupport (>= 3.0.10)
      adhearsion-loquacious (>= 1.9.0)
      bundler (~> 1.0)
      celluloid (>= 0.10.0)
      countdownlatch
      deep_merge
      ffi (>= 1.0.11)
      future-resource (~> 1.0)
      girl_friday
      has-guarded-handlers (~> 1.1)
      logging (>= 1.6.1)
      pry
      punchblock (~> 1.2)
      rake
      ruby_speech (~> 1.0)
      thor

PATH
  remote: /Users/luca/projects/adhearsion-drb
  specs:
    adhearsion-drb (0.1.0)
      activesupport (>= 3.0.10)
      adhearsion (>= 2.0.0.alpha1)
      i18n (>= 0.5.0)

GEM
  remote: http://rubygems.org/
  specs:
    activesupport (3.2.7)
      i18n (~> 0.6)
      multi_json (~> 1.0)
    addressable (2.3.2)
    adhearsion-loquacious (1.9.3)
    blather (0.8.0)
      activesupport (>= 2.3.11)
      eventmachine (>= 0.12.6)
      girl_friday
      niceogiri (~> 1.0)
      nokogiri (~> 1.5.5)
    celluloid (0.11.1)
      timers (>= 1.0.0)
    celluloid-io (0.11.0)
      celluloid (~> 0.11.0)
      nio4r (>= 0.4.0)
    coderay (1.0.7)
    connection_pool (0.9.2)
    cookiejar (0.3.0)
    countdownlatch (1.0.0)
    deep_merge (1.0.0)
    em-http-request (0.3.0)
      addressable (>= 2.0.0)
      escape_utils
      eventmachine (>= 0.12.9)
    escape_utils (0.2.4)
    eventmachine (0.12.10)
    faye (0.8.1)
      cookiejar (>= 0.3.0)
      em-http-request (>= 0.3.0)
      eventmachine (>= 0.12.0)
      faye-websocket (>= 0.4.0)
      rack (>= 1.0.0)
      yajl-ruby (>= 1.0.0)
    faye-websocket (0.4.4)
      eventmachine (>= 0.12.0)
    ffi (1.1.4)
    future-resource (1.0.0)
    girl_friday (0.10.0)
      connection_pool (~> 0.9.0)
    has-guarded-handlers (1.3.1)
    i18n (0.6.0)
    little-plugger (1.1.3)
    logging (1.7.2)
      little-plugger (>= 1.1.3)
    method_source (0.8)
    multi_json (1.3.6)
    niceogiri (1.0.2)
      nokogiri (~> 1.4)
    nio4r (0.4.0)
    nokogiri (1.5.5)
    pry (0.9.10)
      coderay (~> 1.0.5)
      method_source (~> 0.8)
      slop (~> 3.3.1)
    punchblock (1.3.0)
      activesupport (~> 3.0)
      blather (>= 0.7.0)
      celluloid (>= 0.10.0)
      future-resource (~> 1.0)
      has-guarded-handlers (~> 1.0)
      niceogiri (~> 1.0)
      ruby_ami (~> 1.2, >= 1.2.1)
      ruby_speech (~> 1.0)
      state_machine (~> 1.0)
    rack (1.4.1)
    rake (0.9.2.2)
    ruby_ami (1.2.1)
      celluloid-io (~> 0.11.0)
      countdownlatch (~> 1.0)
      future-resource
      girl_friday
    ruby_speech (1.0.0)
      activesupport (>= 3.0.7)
      niceogiri (~> 1.0)
    slop (3.3.2)
    state_machine (1.1.2)
    thor (0.15.4)
    timers (1.0.1)
    yajl-ruby (1.1.0)

PLATFORMS
  ruby

DEPENDENCIES
  adhearsion!
  adhearsion-drb!
  faye
